GEM
  remote: https://rubygems.org/
  specs:
    httparty (0.20.0)
      mime-types (~> 3.0)
      multi_xml (>= 0.5.2)
    mime-types (3.4.1)
      mime-types-data (~> 3.2015)
    mime-types-data (3.2022.0105)
    multi_xml (0.6.0)
    zlib (2.1.1)

PLATFORMS
  arm64-darwin-20
  universal-darwin-22
  x86_64-linux

DEPENDENCIES
  httparty
  zlib

BUNDLED WITH
   2.2.33
